PATH
  remote: .
  specs:
    bookingsync (0.3.0)
      activeresource (>= 3.0)

GEM
  remote: http://rubygems.org/
  specs:
    activemodel (7.0.4.1)
      activesupport (= 7.0.4.1)
    activemodel-serializers-xml (1.0.2)
      activemodel (> 5.x)
      activesupport (> 5.x)
      builder (~> 3.1)
    activeresource (6.0.0)
      activemodel (>= 6.0)
      activemodel-serializers-xml (~> 1.0)
      activesupport (>= 6.0)
    activesupport (7.0.4.1)
      concurrent-ruby (~> 1.0, >= 1.0.2)
      i18n (>= 1.6, < 2)
      minitest (>= 5.1)
      tzinfo (~> 2.0)
    appraisal (0.3.8)
      bundler
      rake
    archive-tar-minitar (0.5.2)
    aruba (0.4.2)
      bcat (>= 0.6.1)
      childprocess (>= 0.1.9)
      cucumber (>= 0.10.7)
      rdiscount (>= 1.6.8)
      rspec (>= 2.6.0)
    bcat (0.6.2)
      rack (~> 1.0)
    builder (3.2.4)
    childprocess (0.3.0)
      ffi (~> 1.0.6)
    concurrent-ruby (1.1.10)
    cucumber (1.0.0)
      builder (>= 2.1.2)
      diff-lcs (>= 1.1.2)
      gherkin (~> 2.4.1)
      json (>= 1.4.6)
      term-ansicolor (>= 1.0.5)
    diff-lcs (1.1.3)
    ffi (1.0.11)
    gherkin (2.4.21)
      json (>= 1.4.6)
    growl (1.0.3)
    guard (0.8.8)
      thor (~> 0.14.6)
    guard-cucumber (0.5.2)
      cucumber (>= 0.10)
      guard (>= 0.4.0)
    guard-rspec (0.1.9)
      guard (>= 0.2.2)
    i18n (1.12.0)
      concurrent-ruby (~> 1.0)
    json (1.4.6)
    mime-types (1.17.2)
    minitest (5.17.0)
    nokogiri (1.4.4)
    rack (1.4.1)
    rake (0.9.2.2)
    rcov (0.9.9)
    rdiscount (1.6.8)
    relish (0.4.0)
      archive-tar-minitar (~> 0.5.2)
      json (~> 1.4.6)
      rest-client (~> 1.6.1)
    rest-client (1.6.7)
      mime-types (>= 1.16)
    rspec (2.8.0)
      rspec-core (~> 2.8.0)
      rspec-expectations (~> 2.8.0)
      rspec-mocks (~> 2.8.0)
    rspec-core (2.8.0)
    rspec-expectations (2.8.0)
      diff-lcs (~> 1.1.2)
    rspec-mocks (2.8.0)
    term-ansicolor (1.0.7)
    thor (0.14.6)
    tzinfo (2.0.5)
      concurrent-ruby (~> 1.0)
    yard (0.7.3)

PLATFORMS
  ruby

DEPENDENCIES
  appraisal (~> 0.3.8)
  aruba (= 0.4.2)
  bookingsync!
  cucumber (= 1.0.0)
  growl (= 1.0.3)
  guard-cucumber (~> 0.5.1)
  guard-rspec (= 0.1.9)
  nokogiri (= 1.4.4)
  rake (~> 0.9)
  rcov (= 0.9.9)
  relish (= 0.4.0)
  rspec (~> 2.8.0)
  yard (~> 0.7.2)
