PATH
  remote: .
  specs:
    bookingsync (0.3.0)
      activeresource (>= 3.0)

GEM
  remote: http://rubygems.org/
  specs:
    activemodel (3.2.12)
      activesupport (= 3.2.12)
      builder (~> 3.0.0)
    activeresource (3.2.12)
      activemodel (= 3.2.12)
      activesupport (= 3.2.12)
    activesupport (3.2.12)
      i18n (~> 0.6)
      multi_json (~> 1.0)
    appraisal (0.3.8)
      bundler
      rake
    archive-tar-minitar (0.5.2)
    aruba (0.4.2)
      bcat (>= 0.6.1)
      childprocess (>= 0.1.9)
      cucumber (>= 0.10.7)
      rdiscount (>= 1.6.8)
      rspec (>= 2.6.0)
    bcat (0.6.2)
      rack (~> 1.0)
    builder (3.0.4)
    childprocess (0.3.0)
      ffi (~> 1.0.6)
    cucumber (1.0.0)
      builder (>= 2.1.2)
      diff-lcs (>= 1.1.2)
      gherkin (~> 2.4.1)
      json (>= 1.4.6)
      term-ansicolor (>= 1.0.5)
    diff-lcs (1.1.3)
    ffi (1.0.11)
    gherkin (2.4.21)
      json (>= 1.4.6)
    growl (1.0.3)
    guard (0.8.8)
      thor (~> 0.14.6)
    guard-cucumber (0.5.2)
      cucumber (>= 0.10)
      guard (>= 0.4.0)
    guard-rspec (0.1.9)
      guard (>= 0.2.2)
    i18n (0.6.1)
    json (1.4.6)
    mime-types (1.17.2)
    mini_portile2 (2.8.0)
    multi_json (1.6.1)
    nokogiri (1.13.9)
      mini_portile2 (~> 2.8.0)
      racc (~> 1.4)
    racc (1.6.0)
    rack (1.4.1)
    rake (0.9.2.2)
    rcov (0.9.9)
    rdiscount (1.6.8)
    relish (0.4.0)
      archive-tar-minitar (~> 0.5.2)
      json (~> 1.4.6)
      rest-client (~> 1.6.1)
    rest-client (1.6.7)
      mime-types (>= 1.16)
    rspec (2.8.0)
      rspec-core (~> 2.8.0)
      rspec-expectations (~> 2.8.0)
      rspec-mocks (~> 2.8.0)
    rspec-core (2.8.0)
    rspec-expectations (2.8.0)
      diff-lcs (~> 1.1.2)
    rspec-mocks (2.8.0)
    term-ansicolor (1.0.7)
    thor (0.14.6)
    yard (0.7.3)

PLATFORMS
  ruby

DEPENDENCIES
  appraisal (~> 0.3.8)
  aruba (= 0.4.2)
  bookingsync!
  cucumber (= 1.0.0)
  growl (= 1.0.3)
  guard-cucumber (~> 0.5.1)
  guard-rspec (= 0.1.9)
  nokogiri (= 1.13.9)
  rake (~> 0.9)
  rcov (= 0.9.9)
  relish (= 0.4.0)
  rspec (~> 2.8.0)
  yard (~> 0.7.2)
